GEM
  remote: https://rubygems.org/
  specs:
    coderay (1.1.2)
    docile (1.3.2)
    json (2.3.1)
    method_source (0.9.2)
    pry (0.12.2)
      coderay (~> 1.1.0)
      method_source (~> 0.9.0)
    simplecov (0.17.0)
      docile (~> 1.1)
      json (>= 1.8, < 3)
      simplecov-html (~> 0.10.0)
    simplecov-html (0.10.2)
    timecop (0.9.1)

PLATFORMS
  ruby

DEPENDENCIES
  pry
  simplecov
  timecop

BUNDLED WITH
   2.0.2
